GEM
  remote: https://rubygems.org/
  specs:
    faraday (0.8.6)
      multipart-post (~> 1.1)
    hashie (1.2.0)
    httparty (0.8.0)
      multi_json
      multi_xml
    httpauth (0.2.0)
    json (1.6.6)
    jwt (0.1.6)
      multi_json (>= 1.0)
    kgio (2.7.4)
    multi_json (1.3.2)
    multi_xml (0.4.1)
    multipart-post (1.2.0)
    oauth2 (0.8.1)
      faraday (~> 0.8)
      httpauth (~> 0.1)
      jwt (~> 0.1.4)
      multi_json (~> 1.0)
      rack (~> 1.2)
    omniauth (1.1.1)
      hashie (~> 1.2)
      rack
    omniauth-github (1.1.0)
      omniauth (~> 1.0)
      omniauth-oauth2 (~> 1.1)
    omniauth-oauth2 (1.1.1)
      oauth2 (~> 0.8.0)
      omniauth (~> 1.0)
    rack (1.4.1)
    rack-protection (1.2.0)
      rack
    raindrops (0.8.0)
    sinatra (1.3.2)
      rack (~> 1.3, >= 1.3.6)
      rack-protection (~> 1.2)
      tilt (~> 1.3, >= 1.3.3)
    tilt (1.3.3)
    unicorn (4.3.0)
      kgio (~> 2.6)
      rack
      raindrops (~> 0.7)

PLATFORMS
  ruby

DEPENDENCIES
  httparty
  json
  sinatra
  unicorn
